PATH
  remote: .
  specs:
    columbus_cli (0.1.0)

GEM
  remote: https://rubygems.org/
  specs:
    gpx (0.8.2)
      nokogiri
      rake
    mini_portile2 (2.0.0)
    nokogiri (1.6.7.1)
      mini_portile2 (~> 2.0.0.rc2)
    rake (10.4.2)
    thor (0.19.1)

PLATFORMS
  ruby

DEPENDENCIES
  columbus_cli!
  gpx
  thor

BUNDLED WITH
   1.10.6
