PATH
  remote: .
  specs:
    columbus-cli (1.1.0)
      gpx (~> 0.8.2)
      thor

GEM
  remote: https://rubygems.org/
  specs:
    coderay (1.1.1)
    gpx (0.8.2)
      nokogiri
      rake
    method_source (0.8.2)
    mini_portile2 (2.1.0)
    nokogiri (1.6.8.1)
      mini_portile2 (~> 2.1.0)
    pry (0.10.4)
      coderay (~> 1.1.0)
      method_source (~> 0.8.1)
      slop (~> 3.4)
    rake (12.0.0)
    slop (3.6.0)
    thor (0.19.4)

PLATFORMS
  ruby

DEPENDENCIES
  columbus-cli!
  pry

BUNDLED WITH
   1.13.6
